GEM
  remote: https://rubygems.org/
  specs:
    aws-partitions (1.76.0)
    aws-sdk-core (3.18.1)
      aws-partitions (~> 1.0)
      aws-sigv4 (~> 1.0)
      jmespath (~> 1.0)
    aws-sdk-ec2 (1.29.0)
      aws-sdk-core (~> 3)
      aws-sigv4 (~> 1.0)
    aws-sigv4 (1.0.2)
    inifile (3.0.0)
    jmespath (1.3.1)

PLATFORMS
  ruby

DEPENDENCIES
  aws-sdk-ec2
  inifile

BUNDLED WITH
   1.16.1
